GEM
  specs:

GEM
  remote: https://rubygems.org/
  specs:
    amazing_print (1.3.0)
    cairo (1.17.5)
      native-package-installer (>= 1.0.3)
      pkg-config (>= 1.2.2)
      red-colors
    cairo-gobject (3.4.9)
      cairo (>= 1.16.2)
      glib2 (= 3.4.9)
    gio2 (3.4.9)
      gobject-introspection (= 3.4.9)
    glib2 (3.4.9)
      native-package-installer (>= 1.0.3)
      pkg-config (>= 1.3.5)
    gobject-introspection (3.4.9)
      glib2 (= 3.4.9)
    iconv (1.0.8)
    matrix (0.4.2)
    native-package-installer (1.1.1)
    pdftoimage (0.1.7)
      iconv (~> 1.0)
    pkg-config (1.4.6)
    poppler (3.4.9)
      cairo-gobject (= 3.4.9)
      gio2 (= 3.4.9)
    red-colors (0.3.0)
      matrix
    rtesseract (3.1.2)

PLATFORMS
  x86_64-darwin-20

DEPENDENCIES
  amazing_print!
  pdftoimage (~> 0.1.7)!
  poppler (~> 3.0, >= 3.0.7)!
  rtesseract!

BUNDLED WITH
   2.2.27
